GEM
  remote: http://rubygems.org/
  specs:
    aws-sdk (2.1.2)
      aws-sdk-resources (= 2.1.2)
    aws-sdk-core (2.1.2)
      jmespath (~> 1.0)
    aws-sdk-resources (2.1.2)
      aws-sdk-core (= 2.1.2)
    highline (1.7.2)
    jmespath (1.0.2)
      multi_json (~> 1.0)
    multi_json (1.11.1)
    rainbow (2.0.0)
    thor (0.19.1)

PLATFORMS
  ruby

DEPENDENCIES
  aws-sdk (~> 2)
  highline
  rainbow
  thor
